GEM
  remote: https://rubygems.org/
  specs:
    RubyInline (3.12.4)
      ZenTest (~> 4.3)
    ZenTest (4.11.0)
    activesupport (4.2.3)
      i18n (~> 0.7)
      json (~> 1.7, >= 1.7.7)
      minitest (~> 5.1)
      thread_safe (~> 0.3, >= 0.3.4)
      tzinfo (~> 1.1)
    addressable (2.3.8)
    aws-sdk (1.64.0)
      aws-sdk-v1 (= 1.64.0)
    aws-sdk-v1 (1.64.0)
      json (~> 1.4)
      nokogiri (>= 1.4.4)
    babosa (1.0.2)
    capybara (2.4.4)
      mime-types (>= 1.16)
      nokogiri (>= 1.3.3)
      rack (>= 1.0.0)
      rack-test (>= 0.5.4)
      xpath (~> 2.0)
    cert (0.3.0)
      fastlane_core (>= 0.9.1)
      spaceship (>= 0.0.10)
    certified (1.0.0)
    claide (0.9.1)
    cliver (0.3.2)
    cocoapods (0.38.0)
      activesupport (>= 3.2.15)
      claide (~> 0.9.1)
      cocoapods-core (= 0.38.0)
      cocoapods-downloader (~> 0.9.1)
      cocoapods-plugins (~> 0.4.2)
      cocoapods-stats (~> 0.5.3)
      cocoapods-trunk (~> 0.6.1)
      cocoapods-try (~> 0.4.5)
      colored (~> 1.2)
      escape (~> 0.0.4)
      molinillo (~> 0.3.0)
      nap (~> 0.8)
      xcodeproj (~> 0.26.2)
    cocoapods-core (0.38.0)
      activesupport (>= 3.2.15)
      fuzzy_match (~> 2.0.4)
      nap (~> 0.8.0)
    cocoapods-downloader (0.9.1)
    cocoapods-keys (1.4.0)
      osx_keychain
    cocoapods-plugins (0.4.2)
      nap
    cocoapods-stats (0.5.3)
      nap (~> 0.8)
    cocoapods-trunk (0.6.1)
      nap (>= 0.8)
      netrc (= 0.7.8)
    cocoapods-try (0.4.5)
    colored (1.2)
    commander (4.3.4)
      highline (~> 1.7.2)
    credentials_manager (0.7.0)
      colored
      highline (>= 1.7.1)
      security
    cupertino (1.3.4)
      certified (~> 1.0.0)
      commander (~> 4.3)
      highline (>= 1.7.1)
      mechanize (~> 2.5.1)
      nokogiri (~> 1.6.3)
      security (~> 0.1.2)
      term-ansicolor (~> 1.0.7)
      terminal-table (~> 1.4.5)
    deliver (0.12.1)
      credentials_manager (>= 0.3.0)
      excon
      fastimage (~> 1.6.3)
      fastlane_core (>= 0.7.2)
      nokogiri (~> 1.6.5)
      plist (~> 3.1.0)
      rubyzip (~> 1.1.6)
    domain_name (0.5.24)
      unf (>= 0.0.5, < 1.0.0)
    dotenv (2.0.2)
    escape (0.0.4)
    excon (0.45.4)
    faraday (0.9.1)
      multipart-post (>= 1.2, < 3)
    faraday_middleware (0.10.0)
      faraday (>= 0.7.4, < 0.10)
    fastimage (1.6.8)
      addressable (~> 2.3, >= 2.3.5)
    fastlane (1.12.0)
      aws-sdk (~> 1.0)
      cert (>= 0.3.0)
      cupertino (>= 1.3.3)
      deliver (>= 0.12.1)
      fastlane_core (>= 0.10.1)
      frameit (>= 2.0.1)
      krausefx-shenzhen (= 0.14.4)
      nokogiri (~> 1.6)
      pbxplorer (~> 1.0.0)
      pem (>= 0.6.3)
      produce (>= 0.4.1)
      rest-client (~> 1.8.0)
      sigh (>= 0.10.0)
      slack-notifier (~> 1.0)
      snapshot (>= 0.9.0)
      spaceship (>= 0.2.0)
      terminal-notifier (~> 1.6.2)
      terminal-table (~> 1.4.5)
      xcodeproj (~> 0.20)
      xcpretty (~> 0.1)
    fastlane_core (0.11.1)
      babosa
      capybara (~> 2.4.3)
      colored
      commander (>= 4.3.4)
      credentials_manager (>= 0.7.0)
      excon (~> 0.45.0)
      highline (>= 1.7.2)
      json
      multi_json
      phantomjs (~> 1.9.8)
      poltergeist (~> 1.5.1)
      rubyzip (~> 1.1.6)
    frameit (2.1.0)
      deliver (> 0.3)
      fastimage (~> 1.6.3)
      fastlane_core (>= 0.7.2)
      mini_magick (~> 4.0.2)
    fui (0.3.0)
      gli
    fuzzy_match (2.0.4)
    gli (2.13.1)
    highline (1.7.2)
    http-cookie (1.0.2)
      domain_name (~> 0.5)
    i18n (0.7.0)
    json (1.8.3)
    krausefx-shenzhen (0.14.4)
      aws-sdk (~> 1.0)
      commander (~> 4.3)
      dotenv (>= 0.7)
      faraday (~> 0.9)
      faraday_middleware (~> 0.9)
      highline (>= 1.7.2)
      json (~> 1.8)
      net-sftp (~> 2.1.2)
      plist (~> 3.1.0)
      rubyzip (~> 1.1)
      security (~> 0.1.3)
      terminal-table (~> 1.4.5)
    mechanize (2.5.1)
      domain_name (~> 0.5, >= 0.5.1)
      mime-types (~> 1.17, >= 1.17.2)
      net-http-digest_auth (~> 1.1, >= 1.1.1)
      net-http-persistent (~> 2.5, >= 2.5.2)
      nokogiri (~> 1.4)
      ntlm-http (~> 0.1, >= 0.1.1)
      webrobots (~> 0.0, >= 0.0.9)
    mime-types (1.25.1)
    mini_magick (4.0.4)
    mini_portile (0.6.2)
    minitest (5.7.0)
    molinillo (0.3.0)
    multi_json (1.11.2)
    multi_xml (0.5.5)
    multipart-post (2.0.0)
    mustache (0.99.8)
    nap (0.8.0)
    net-http-digest_auth (1.4)
    net-http-persistent (2.9.4)
    net-sftp (2.1.2)
      net-ssh (>= 2.6.5)
    net-ssh (2.9.2)
    netrc (0.7.8)
    nokogiri (1.6.6.2)
      mini_portile (~> 0.6.0)
    ntlm-http (0.1.1)
    osx_keychain (1.0.1)
      RubyInline (~> 3)
    pbxplorer (1.0.0)
    pem (0.6.4)
      fastlane_core (>= 0.7.2)
    phantomjs (1.9.8.0)
    plist (3.1.0)
    poltergeist (1.5.1)
      capybara (~> 2.1)
      cliver (~> 0.3.1)
      multi_json (~> 1.0)
      websocket-driver (>= 0.2.0)
    produce (0.4.3)
      fastlane_core (>= 0.7.6)
      spaceship (>= 0.3.0)
    rack (1.6.4)
    rack-test (0.6.3)
      rack (>= 1.0)
    rest-client (1.8.0)
      http-cookie (>= 1.0.2, < 2.0)
      mime-types (>= 1.16, < 3.0)
      netrc (~> 0.7)
    rubyzip (1.1.7)
    second_curtain (0.2.4)
      aws-sdk-v1 (~> 1.52)
      mustache (~> 0.99)
    security (0.1.3)
    sigh (0.10.3)
      fastlane_core (>= 0.10.1)
      plist (~> 3.1.0)
      spaceship (>= 0.0.14)
    slack-notifier (1.2.1)
    snapshot (0.9.1)
      fastimage (~> 1.6.3)
      fastlane_core (>= 0.7.2)
    spaceship (0.3.0)
      credentials_manager (>= 0.5.0)
      faraday (~> 0.9)
      faraday_middleware (~> 0.9)
      multi_xml (~> 0.5)
      plist (~> 3.1)
    term-ansicolor (1.0.7)
    terminal-notifier (1.6.3)
    terminal-table (1.4.5)
    thread_safe (0.3.5)
    tzinfo (1.2.2)
      thread_safe (~> 0.1)
    unf (0.1.4)
      unf_ext
    unf_ext (0.0.7.1)
    webrobots (0.1.1)
    websocket-driver (0.6.2)
      websocket-extensions (>= 0.1.0)
    websocket-extensions (0.1.2)
    xcodeproj (0.26.2)
      activesupport (>= 3)
      claide (~> 0.9.1)
      colored (~> 1.2)
    xcpretty (0.1.10)
    xpath (2.0.0)
      nokogiri (~> 1.3)

PLATFORMS
  ruby

DEPENDENCIES
  cocoapods
  cocoapods-keys
  fastlane
  fui (~> 0.3.0)
  second_curtain (~> 0.2.3)
  xcpretty
